PATH
  remote: .
  specs:
    nyt_bestsellers_cli_gem (0.1.0)

GEM
  remote: https://rubygems.org/
  specs:
    coderay (1.1.2)
    method_source (0.9.0)
    mini_portile2 (2.3.0)
    nokogiri (1.8.2)
      mini_portile2 (~> 2.3.0)
    pry (0.11.3)
      coderay (~> 1.1.0)
      method_source (~> 0.9.0)
    rake (10.5.0)
    require_all (1.5.0)

PLATFORMS
  ruby

DEPENDENCIES
  bundler (~> 1.16)
  nokogiri
  nyt_bestsellers_cli_gem!
  pry
  rake
  require_all

BUNDLED WITH
   1.16.1
